GIT
  remote: git://github.com/comics-apps/cdb-crawlr.git
  revision: 9ca882ce641c1377d26c2c141b3084a6b05e5033
  specs:
    cdb-crawlr (0.3.3)
      nokogiri
      thor (~> 0.20)

GEM
  remote: https://rubygems.org/
  specs:
    mini_portile2 (2.3.0)
    nokogiri (1.8.2)
      mini_portile2 (~> 2.3.0)
    rack (2.0.5)
    roda (3.9.0)
      rack
    roda-basic-auth (0.1.1)
      roda (>= 2.0, < 4.0)
    thor (0.20.0)

PLATFORMS
  ruby

DEPENDENCIES
  cdb-crawlr!
  roda
  roda-basic-auth

BUNDLED WITH
   1.16.1
